PATH
  remote: .
  specs:
    snorby-rule (0.1.0)

GEM
  remote: http://rubygems.org/
  specs:
    archive-tar (0.9.0)
    diff-lcs (1.1.2)
    ore (0.2.3)
      thor (~> 0.14.3)
    rake (0.8.7)
    rspec (2.0.1)
      rspec-core (~> 2.0.1)
      rspec-expectations (~> 2.0.1)
      rspec-mocks (~> 2.0.1)
    rspec-core (2.0.1)
    rspec-expectations (2.0.1)
      diff-lcs (>= 1.1.2)
    rspec-mocks (2.0.1)
      rspec-core (~> 2.0.1)
      rspec-expectations (~> 2.0.1)
    thor (0.14.6)
    yard (0.6.4)

PLATFORMS
  ruby

DEPENDENCIES
  archive-tar (= 0.9.0)
  bundler (~> 1.0.0)
  ore (~> 0.2.0)
  rake (~> 0.8.7)
  rspec (~> 2.0.0)
  snorby-rule!
  yard (~> 0.6.0)
